GEM
  remote: https://rubygems.org/
  specs:
    daemons (1.4.1)
    dalli (3.2.6)
    date (3.3.3)
    eventmachine (1.2.7)
    mustermann (3.0.0)
      ruby2_keywords (~> 0.0.1)
    nokogiri (1.15.6-arm64-darwin)
      racc (~> 1.4)
    nokogiri (1.15.6-x86_64-linux)
      racc (~> 1.4)
    open-uri (0.3.0)
      stringio
      time
      uri
    racc (1.7.3)
    rack (2.2.8)
    rack-cache (1.14.0)
      rack (>= 0.4)
    rack-protection (3.1.0)
      rack (~> 2.2, >= 2.2.4)
    ruby2_keywords (0.0.5)
    sinatra (3.1.0)
      mustermann (~> 3.0)
      rack (~> 2.2, >= 2.2.4)
      rack-protection (= 3.1.0)
      tilt (~> 2.0)
    stringio (3.0.8)
    thin (1.8.2)
      daemons (~> 1.0, >= 1.0.9)
      eventmachine (~> 1.0, >= 1.0.4)
      rack (>= 1, < 3)
    tilt (2.3.0)
    time (0.2.2)
      date
    uri (0.12.2)

PLATFORMS
  arm64-darwin-21
  x86_64-linux

DEPENDENCIES
  dalli (~> 3.2)
  nokogiri (~> 1.15)
  open-uri (~> 0.3.0)
  rack-cache (~> 1.14)
  sinatra (~> 3.1)
  thin (~> 1.8)

BUNDLED WITH
   2.2.32
